RESTRICTION: == netcoreapp2.0
NUGET
  remote: https://api.nuget.org/v3/index.json
    Aether (8.2)
      FSharp.Core (>= 4.1)
      NETStandard.Library (>= 1.6.1)
    Anat (1.0.1)
      FSharp.Core (>= 4.1)
      NETStandard.Library (>= 1.6.1)
    Baseline (1.5)
    Fable.JsonConverter (1.0.8)
      FSharp.Core (>= 4.2.3)
      Newtonsoft.Json (>= 11.0.1)
    FParsec (1.0.3)
      FSharp.Core (>= 4.2.3)
      NETStandard.Library (>= 1.6.1)
    FParsecCS (1.0.3-alpha-170404)
      FSharp.Core (>= 4.1)
      NETStandard.Library (>= 1.6.1)
      System.Globalization.Extensions (>= 4.3)
      System.Reflection.Emit.Lightweight (>= 4.3)
      System.Runtime.Serialization.Formatters (>= 4.3)
    Freya.Core.Hopac (4.0.0-alpha-170404)
      Aether (>= 8.2 < 9.0)
      FSharp.Core (>= 4.1)
      Hopac (>= 0.3.23)
      NETStandard.Library (>= 1.6.1)
    Freya.Hopac (4.0.0-alpha-170404)
      Freya.Machines.Http.Cors.Hopac (>= 4.0.0-alpha-170404)
      Freya.Machines.Http.Hopac (>= 4.0.0-alpha-170404)
      Freya.Machines.Http.Patch.Hopac (>= 4.0.0-alpha-170404)
      Freya.Routers.Uri.Template.Hopac (>= 4.0.0-alpha-170404)
      NETStandard.Library (>= 1.6.1)
    Freya.Machines.Hopac (4.0.0-alpha-170404)
      Aether (>= 8.2 < 9.0)
      Freya.Core.Hopac (>= 4.0.0-alpha-170404)
      FSharp.Core (>= 4.1)
      Hephaestus.Hopac (>= 5.0.1 < 6.0)
      NETStandard.Library (>= 1.6.1)
    Freya.Machines.Http.Cors.Hopac (4.0.0-alpha-170404)
      Aether (>= 8.2 < 9.0)
      Freya.Core.Hopac (>= 4.0.0-alpha-170404)
      Freya.Machines.Hopac (>= 4.0.0-alpha-170404)
      Freya.Machines.Http.Hopac (>= 4.0.0-alpha-170404)
      Freya.Optics.Http.Cors.Hopac (>= 4.0.0-alpha-170404)
      Freya.Optics.Http.Hopac (>= 4.0.0-alpha-170404)
      Freya.Types.Http (>= 4.0.0-alpha-170404)
      Freya.Types.Http.Cors (>= 4.0.0-alpha-170404)
      Freya.Types.Language (>= 4.0.0-alpha-170404)
      FSharp.Core (>= 4.1)
      Hephaestus.Hopac (>= 5.0.1 < 6.0)
      NETStandard.Library (>= 1.6.1)
    Freya.Machines.Http.Hopac (4.0.0-alpha-170404)
      Aether (>= 8.2 < 9.0)
      Freya.Core.Hopac (>= 4.0.0-alpha-170404)
      Freya.Machines.Hopac (>= 4.0.0-alpha-170404)
      Freya.Optics.Http.Hopac (>= 4.0.0-alpha-170404)
      Freya.Types.Http (>= 4.0.0-alpha-170404)
      Freya.Types.Language (>= 4.0.0-alpha-170404)
      FSharp.Core (>= 4.1)
      Hephaestus.Hopac (>= 5.0.1 < 6.0)
      NETStandard.Library (>= 1.6.1)
    Freya.Machines.Http.Patch.Hopac (4.0.0-alpha-170404)
      Aether (>= 8.2 < 9.0)
      Freya.Core.Hopac (>= 4.0.0-alpha-170404)
      Freya.Machines.Hopac (>= 4.0.0-alpha-170404)
      Freya.Machines.Http.Hopac (>= 4.0.0-alpha-170404)
      Freya.Optics.Http.Hopac (>= 4.0.0-alpha-170404)
      Freya.Optics.Http.Patch.Hopac (>= 4.0.0-alpha-170404)
      Freya.Types.Http (>= 4.0.0-alpha-170404)
      Freya.Types.Http.Patch (>= 4.0.0-alpha-170404)
      Freya.Types.Language (>= 4.0.0-alpha-170404)
      FSharp.Core (>= 4.1)
      Hephaestus.Hopac (>= 5.0.1 < 6.0)
      NETStandard.Library (>= 1.6.1)
    Freya.Optics (4.0.0-alpha-170404)
      Aether (>= 8.2 < 9.0)
      FSharp.Core (>= 4.1)
      NETStandard.Library (>= 1.6.1)
    Freya.Optics.Http.Cors.Hopac (4.0.0-alpha-170404)
      Aether (>= 8.2 < 9.0)
      Freya.Core.Hopac (>= 4.0.0-alpha-170404)
      Freya.Optics (>= 4.0.0-alpha-170404)
      Freya.Optics.Http.Hopac (>= 4.0.0-alpha-170404)
      Freya.Types.Http.Cors (>= 4.0.0-alpha-170404)
      FSharp.Core (>= 4.1)
      NETStandard.Library (>= 1.6.1)
    Freya.Optics.Http.Hopac (4.0.0-alpha-170404)
      Aether (>= 8.2 < 9.0)
      Freya.Core.Hopac (>= 4.0.0-alpha-170404)
      Freya.Optics (>= 4.0.0-alpha-170404)
      Freya.Types.Http (>= 4.0.0-alpha-170404)
      Freya.Types.Uri (>= 4.0.0-alpha-170404)
      FSharp.Core (>= 4.1)
      NETStandard.Library (>= 1.6.1)
    Freya.Optics.Http.Patch.Hopac (4.0.0-alpha-170404)
      Aether (>= 8.2 < 9.0)
      Freya.Core.Hopac (>= 4.0.0-alpha-170404)
      Freya.Optics (>= 4.0.0-alpha-170404)
      Freya.Optics.Http.Hopac (>= 4.0.0-alpha-170404)
      Freya.Types.Http.Patch (>= 4.0.0-alpha-170404)
      FSharp.Core (>= 4.1)
      NETStandard.Library (>= 1.6.1)
    Freya.Polyfills.Hopac (4.0.0-alpha-170404)
      Freya.Core.Hopac (>= 4.0.0-alpha-170404)
      FSharp.Core (>= 4.1)
      NETStandard.Library (>= 1.6.1)
    Freya.Routers (4.0.0-alpha-170404)
      Aether (>= 8.2 < 9.0)
      FSharp.Core (>= 4.1)
      NETStandard.Library (>= 1.6.1)
    Freya.Routers.Uri.Template.Hopac (4.0.0-alpha-170404)
      Aether (>= 8.2 < 9.0)
      Anat (>= 1.0.1 < 2.0)
      Freya.Core.Hopac (>= 4.0.0-alpha-170404)
      Freya.Optics.Http.Hopac (>= 4.0.0-alpha-170404)
      Freya.Polyfills.Hopac (>= 4.0.0-alpha-170404)
      Freya.Routers (>= 4.0.0-alpha-170404)
      Freya.Types.Http (>= 4.0.0-alpha-170404)
      Freya.Types.Uri (>= 4.0.0-alpha-170404)
      Freya.Types.Uri.Template (>= 4.0.0-alpha-170404)
      FSharp.Core (>= 4.1)
      NETStandard.Library (>= 1.6.1)
    Freya.Types (4.0.0-alpha-170404)
      FParsec (>= 1.0.3-alpha-170404)
      FParsecCS (>= 1.0.3-alpha-170404)
      FSharp.Core (>= 4.1)
      NETStandard.Library (>= 1.6.1)
    Freya.Types.Http (4.0.0-alpha-170404)
      FParsec (>= 1.0.3-alpha-170404)
      FParsecCS (>= 1.0.3-alpha-170404)
      Freya.Types (>= 4.0.0-alpha-170404)
      Freya.Types.Language (>= 4.0.0-alpha-170404)
      Freya.Types.Uri (>= 4.0.0-alpha-170404)
      FSharp.Core (>= 4.1)
      NETStandard.Library (>= 1.6.1)
    Freya.Types.Http.Cors (4.0.0-alpha-170404)
      FParsec (>= 1.0.3-alpha-170404)
      FParsecCS (>= 1.0.3-alpha-170404)
      Freya.Types (>= 4.0.0-alpha-170404)
      Freya.Types.Http (>= 4.0.0-alpha-170404)
      Freya.Types.Uri (>= 4.0.0-alpha-170404)
      FSharp.Core (>= 4.1)
      NETStandard.Library (>= 1.6.1)
    Freya.Types.Http.Patch (4.0.0-alpha-170404)
      FParsec (>= 1.0.3-alpha-170404)
      FParsecCS (>= 1.0.3-alpha-170404)
      Freya.Types (>= 4.0.0-alpha-170404)
      Freya.Types.Http (>= 4.0.0-alpha-170404)
      FSharp.Core (>= 4.1)
      NETStandard.Library (>= 1.6.1)
    Freya.Types.Language (4.0.0-alpha-170404)
      FParsec (>= 1.0.3-alpha-170404)
      FParsecCS (>= 1.0.3-alpha-170404)
      Freya.Types (>= 4.0.0-alpha-170404)
      FSharp.Core (>= 4.1)
      NETStandard.Library (>= 1.6.1)
    Freya.Types.Uri (4.0.0-alpha-170404)
      FParsec (>= 1.0.3-alpha-170404)
      FParsecCS (>= 1.0.3-alpha-170404)
      Freya.Types (>= 4.0.0-alpha-170404)
      FSharp.Core (>= 4.1)
      NETStandard.Library (>= 1.6.1)
    Freya.Types.Uri.Template (4.0.0-alpha-170404)
      FParsec (>= 1.0.3-alpha-170404)
      FParsecCS (>= 1.0.3-alpha-170404)
      Freya.Types (>= 4.0.0-alpha-170404)
      Freya.Types.Uri (>= 4.0.0-alpha-170404)
      FSharp.Core (>= 4.1)
      NETStandard.Library (>= 1.6.1)
    FSharp.Core (4.5.1)
    Hekate (3.2.1)
      Aether (>= 8.2 < 9.0)
      FSharp.Core (>= 4.1)
      NETStandard.Library (>= 1.6.1)
    Hephaestus.Hopac (5.0.1)
      Aether (>= 8.2 < 9.0)
      Anat (>= 1.0.1 < 2.0)
      FSharp.Core (>= 4.1)
      Hekate (>= 3.2.1 < 4.0)
      Hopac (>= 0.3.23)
      NETStandard.Library (>= 1.6.1)
    Hopac (0.3.23)
      FSharp.Core (>= 4.0.1.7-alpha)
      NETStandard.Library (>= 1.6)
    Marten (2.7)
      Baseline (>= 1.3)
      Newtonsoft.Json (>= 9.0.1)
      Npgsql (>= 3.2.5)
      Remotion.Linq (>= 2.1.1)
      System.Reflection.Emit.Lightweight (>= 4.3)
      System.Threading.Tasks.Dataflow (>= 4.7)
    Microsoft.AspNetCore.Connections.Abstractions (2.1.2)
      Microsoft.AspNetCore.Http.Features (>= 2.1.1)
      System.IO.Pipelines (>= 4.5)
    Microsoft.AspNetCore.Hosting (2.1.1)
      Microsoft.AspNetCore.Hosting.Abstractions (>= 2.1.1)
      Microsoft.AspNetCore.Http (>= 2.1.1)
      Microsoft.AspNetCore.Http.Extensions (>= 2.1.1)
      Microsoft.Extensions.Configuration (>= 2.1.1)
      Microsoft.Extensions.Configuration.EnvironmentVariables (>= 2.1.1)
      Microsoft.Extensions.Configuration.FileExtensions (>= 2.1.1)
      Microsoft.Extensions.DependencyInjection (>= 2.1.1)
      Microsoft.Extensions.FileProviders.Physical (>= 2.1.1)
      Microsoft.Extensions.Hosting.Abstractions (>= 2.1.1)
      Microsoft.Extensions.Logging (>= 2.1.1)
      Microsoft.Extensions.Options (>= 2.1.1)
      System.Diagnostics.DiagnosticSource (>= 4.5)
      System.Reflection.Metadata (>= 1.6)
    Microsoft.AspNetCore.Hosting.Abstractions (2.1.1)
      Microsoft.AspNetCore.Hosting.Server.Abstractions (>= 2.1.1)
      Microsoft.AspNetCore.Http.Abstractions (>= 2.1.1)
      Microsoft.Extensions.Hosting.Abstractions (>= 2.1.1)
    Microsoft.AspNetCore.Hosting.Server.Abstractions (2.1.1)
      Microsoft.AspNetCore.Http.Features (>= 2.1.1)
      Microsoft.Extensions.Configuration.Abstractions (>= 2.1.1)
    Microsoft.AspNetCore.Http (2.1.1)
      Microsoft.AspNetCore.Http.Abstractions (>= 2.1.1)
      Microsoft.AspNetCore.WebUtilities (>= 2.1.1)
      Microsoft.Extensions.ObjectPool (>= 2.1.1)
      Microsoft.Extensions.Options (>= 2.1.1)
      Microsoft.Net.Http.Headers (>= 2.1.1)
    Microsoft.AspNetCore.Http.Abstractions (2.1.1)
      Microsoft.AspNetCore.Http.Features (>= 2.1.1)
      System.Text.Encodings.Web (>= 4.5)
    Microsoft.AspNetCore.Http.Extensions (2.1.1)
      Microsoft.AspNetCore.Http.Abstractions (>= 2.1.1)
      Microsoft.Extensions.FileProviders.Abstractions (>= 2.1.1)
      Microsoft.Net.Http.Headers (>= 2.1.1)
      System.Buffers (>= 4.5)
    Microsoft.AspNetCore.Http.Features (2.1.1)
      Microsoft.Extensions.Primitives (>= 2.1.1)
    Microsoft.AspNetCore.Owin (2.1.1)
      Microsoft.AspNetCore.Http (>= 2.1.1)
    Microsoft.AspNetCore.Server.Kestrel (2.1.2)
      Microsoft.AspNetCore.Hosting (>= 2.1.1)
      Microsoft.AspNetCore.Server.Kestrel.Core (>= 2.1.2)
      Microsoft.AspNetCore.Server.Kestrel.Https (>= 2.1.2)
      Microsoft.AspNetCore.Server.Kestrel.Transport.Sockets (>= 2.1.2)
    Microsoft.AspNetCore.Server.Kestrel.Core (2.1.2)
      Microsoft.AspNetCore.Hosting.Abstractions (>= 2.1.1)
      Microsoft.AspNetCore.Server.Kestrel.Transport.Abstractions (>= 2.1.2)
      Microsoft.AspNetCore.WebUtilities (>= 2.1.1)
      Microsoft.Extensions.Configuration.Binder (>= 2.1.1)
      Microsoft.Extensions.Logging.Abstractions (>= 2.1.1)
      Microsoft.Extensions.Options (>= 2.1.1)
      Microsoft.Net.Http.Headers (>= 2.1.1)
      System.Memory (>= 4.5.1)
      System.Numerics.Vectors (>= 4.5)
      System.Runtime.CompilerServices.Unsafe (>= 4.5.1)
      System.Security.Cryptography.Cng (>= 4.5)
      System.Threading.Tasks.Extensions (>= 4.5.1)
    Microsoft.AspNetCore.Server.Kestrel.Https (2.1.2)
      Microsoft.AspNetCore.Http.Abstractions (>= 2.1.1)
      Microsoft.AspNetCore.Server.Kestrel.Core (>= 2.1.2)
    Microsoft.AspNetCore.Server.Kestrel.Transport.Abstractions (2.1.2)
      Microsoft.AspNetCore.Connections.Abstractions (>= 2.1.2)
    Microsoft.AspNetCore.Server.Kestrel.Transport.Sockets (2.1.2)
      Microsoft.AspNetCore.Hosting.Abstractions (>= 2.1.1)
      Microsoft.AspNetCore.Server.Kestrel.Transport.Abstractions (>= 2.1.2)
      Microsoft.Extensions.Options (>= 2.1.1)
    Microsoft.AspNetCore.WebUtilities (2.1.1)
      Microsoft.Net.Http.Headers (>= 2.1.1)
      System.Text.Encodings.Web (>= 4.5)
    Microsoft.Extensions.Configuration (2.1.1)
      Microsoft.Extensions.Configuration.Abstractions (>= 2.1.1)
    Microsoft.Extensions.Configuration.Abstractions (2.1.1)
      Microsoft.Extensions.Primitives (>= 2.1.1)
    Microsoft.Extensions.Configuration.Binder (2.1.1)
      Microsoft.Extensions.Configuration (>= 2.1.1)
    Microsoft.Extensions.Configuration.EnvironmentVariables (2.1.1)
      Microsoft.Extensions.Configuration (>= 2.1.1)
    Microsoft.Extensions.Configuration.FileExtensions (2.1.1)
      Microsoft.Extensions.Configuration (>= 2.1.1)
      Microsoft.Extensions.FileProviders.Physical (>= 2.1.1)
    Microsoft.Extensions.DependencyInjection (2.1.1)
      Microsoft.Extensions.DependencyInjection.Abstractions (>= 2.1.1)
    Microsoft.Extensions.DependencyInjection.Abstractions (2.1.1)
    Microsoft.Extensions.FileProviders.Abstractions (2.1.1)
      Microsoft.Extensions.Primitives (>= 2.1.1)
    Microsoft.Extensions.FileProviders.Physical (2.1.1)
      Microsoft.Extensions.FileProviders.Abstractions (>= 2.1.1)
      Microsoft.Extensions.FileSystemGlobbing (>= 2.1.1)
    Microsoft.Extensions.FileSystemGlobbing (2.1.1)
    Microsoft.Extensions.Hosting.Abstractions (2.1.1)
      Microsoft.Extensions.Configuration.Abstractions (>= 2.1.1)
      Microsoft.Extensions.DependencyInjection.Abstractions (>= 2.1.1)
      Microsoft.Extensions.FileProviders.Abstractions (>= 2.1.1)
      Microsoft.Extensions.Logging.Abstractions (>= 2.1.1)
    Microsoft.Extensions.Logging (2.1.1)
      Microsoft.Extensions.Configuration.Binder (>= 2.1.1)
      Microsoft.Extensions.DependencyInjection.Abstractions (>= 2.1.1)
      Microsoft.Extensions.Logging.Abstractions (>= 2.1.1)
      Microsoft.Extensions.Options (>= 2.1.1)
    Microsoft.Extensions.Logging.Abstractions (2.1.1)
    Microsoft.Extensions.Logging.Configuration (2.1.1)
      Microsoft.Extensions.Logging (>= 2.1.1)
      Microsoft.Extensions.Options.ConfigurationExtensions (>= 2.1.1)
    Microsoft.Extensions.Logging.Console (2.1.1)
      Microsoft.Extensions.Configuration.Abstractions (>= 2.1.1)
      Microsoft.Extensions.Logging (>= 2.1.1)
      Microsoft.Extensions.Logging.Configuration (>= 2.1.1)
    Microsoft.Extensions.ObjectPool (2.1.1)
    Microsoft.Extensions.Options (2.1.1)
      Microsoft.Extensions.DependencyInjection.Abstractions (>= 2.1.1)
      Microsoft.Extensions.Primitives (>= 2.1.1)
    Microsoft.Extensions.Options.ConfigurationExtensions (2.1.1)
      Microsoft.Extensions.Configuration.Abstractions (>= 2.1.1)
      Microsoft.Extensions.Configuration.Binder (>= 2.1.1)
      Microsoft.Extensions.DependencyInjection.Abstractions (>= 2.1.1)
      Microsoft.Extensions.Options (>= 2.1.1)
    Microsoft.Extensions.Primitives (2.1.1)
      System.Memory (>= 4.5.1)
      System.Runtime.CompilerServices.Unsafe (>= 4.5.1)
    Microsoft.Net.Http.Headers (2.1.1)
      Microsoft.Extensions.Primitives (>= 2.1.1)
      System.Buffers (>= 4.5)
    Microsoft.NETCore.Platforms (2.1)
    Microsoft.NETCore.Targets (2.1)
    MySqlConnector (0.42.3)
      System.Buffers (>= 4.4)
      System.Memory (>= 4.5)
      System.Threading.Tasks.Extensions (>= 4.3)
    NETStandard.Library (2.0.3)
      Microsoft.NETCore.Platforms (>= 1.1)
    Newtonsoft.Json (11.0.2)
    Npgsql (3.2.7)
      System.Threading.Tasks.Extensions (>= 4.3)
    Remotion.Linq (2.2)
      System.Collections (>= 4.0.11)
      System.Diagnostics.Debug (>= 4.0.11)
      System.Linq (>= 4.1)
      System.Linq.Expressions (>= 4.1)
      System.Linq.Queryable (>= 4.0.1)
      System.ObjectModel (>= 4.0.12)
      System.Reflection (>= 4.1)
      System.Reflection.Extensions (>= 4.0.1)
      System.Runtime (>= 4.1)
      System.Runtime.Extensions (>= 4.1)
      System.Threading (>= 4.0.11)
    System.Buffers (4.5)
    System.Collections (4.3)
      Microsoft.NETCore.Platforms (>= 1.1)
      Microsoft.NETCore.Targets (>= 1.1)
      System.Runtime (>= 4.3)
    System.Collections.Immutable (1.5)
    System.Diagnostics.Debug (4.3)
      Microsoft.NETCore.Platforms (>= 1.1)
      Microsoft.NETCore.Targets (>= 1.1)
      System.Runtime (>= 4.3)
    System.Diagnostics.DiagnosticSource (4.5)
    System.Globalization (4.3)
      Microsoft.NETCore.Platforms (>= 1.1)
      Microsoft.NETCore.Targets (>= 1.1)
      System.Runtime (>= 4.3)
    System.Globalization.Extensions (4.3)
      Microsoft.NETCore.Platforms (>= 1.1)
      System.Globalization (>= 4.3)
      System.Resources.ResourceManager (>= 4.3)
      System.Runtime (>= 4.3)
      System.Runtime.Extensions (>= 4.3)
      System.Runtime.InteropServices (>= 4.3)
    System.IO (4.3)
      Microsoft.NETCore.Platforms (>= 1.1)
      Microsoft.NETCore.Targets (>= 1.1)
      System.Runtime (>= 4.3)
      System.Text.Encoding (>= 4.3)
      System.Threading.Tasks (>= 4.3)
    System.IO.Pipelines (4.5)
      System.Memory (>= 4.5)
      System.Threading.Tasks.Extensions (>= 4.5)
    System.Linq (4.3)
      System.Collections (>= 4.3)
      System.Diagnostics.Debug (>= 4.3)
      System.Resources.ResourceManager (>= 4.3)
      System.Runtime (>= 4.3)
      System.Runtime.Extensions (>= 4.3)
    System.Linq.Expressions (4.3)
      System.Collections (>= 4.3)
      System.Diagnostics.Debug (>= 4.3)
      System.Globalization (>= 4.3)
      System.IO (>= 4.3)
      System.Linq (>= 4.3)
      System.ObjectModel (>= 4.3)
      System.Reflection (>= 4.3)
      System.Reflection.Emit (>= 4.3)
      System.Reflection.Emit.ILGeneration (>= 4.3)
      System.Reflection.Emit.Lightweight (>= 4.3)
      System.Reflection.Extensions (>= 4.3)
      System.Reflection.Primitives (>= 4.3)
      System.Reflection.TypeExtensions (>= 4.3)
      System.Resources.ResourceManager (>= 4.3)
      System.Runtime (>= 4.3)
      System.Runtime.Extensions (>= 4.3)
      System.Threading (>= 4.3)
    System.Linq.Queryable (4.3)
      System.Collections (>= 4.3)
      System.Diagnostics.Debug (>= 4.3)
      System.Linq (>= 4.3)
      System.Linq.Expressions (>= 4.3)
      System.Reflection (>= 4.3)
      System.Reflection.Extensions (>= 4.3)
      System.Resources.ResourceManager (>= 4.3)
      System.Runtime (>= 4.3)
    System.Memory (4.5.1)
      System.Runtime.CompilerServices.Unsafe (>= 4.5)
    System.Numerics.Vectors (4.5)
    System.ObjectModel (4.3)
      System.Collections (>= 4.3)
      System.Diagnostics.Debug (>= 4.3)
      System.Resources.ResourceManager (>= 4.3)
      System.Runtime (>= 4.3)
      System.Threading (>= 4.3)
    System.Reflection (4.3)
      Microsoft.NETCore.Platforms (>= 1.1)
      Microsoft.NETCore.Targets (>= 1.1)
      System.IO (>= 4.3)
      System.Reflection.Primitives (>= 4.3)
      System.Runtime (>= 4.3)
    System.Reflection.Emit (4.3)
      System.IO (>= 4.3)
      System.Reflection (>= 4.3)
      System.Reflection.Emit.ILGeneration (>= 4.3)
      System.Reflection.Primitives (>= 4.3)
      System.Runtime (>= 4.3)
    System.Reflection.Emit.ILGeneration (4.3)
      System.Reflection (>= 4.3)
      System.Reflection.Primitives (>= 4.3)
      System.Runtime (>= 4.3)
    System.Reflection.Emit.Lightweight (4.3)
      System.Reflection (>= 4.3)
      System.Reflection.Emit.ILGeneration (>= 4.3)
      System.Reflection.Primitives (>= 4.3)
      System.Runtime (>= 4.3)
    System.Reflection.Extensions (4.3)
      Microsoft.NETCore.Platforms (>= 1.1)
      Microsoft.NETCore.Targets (>= 1.1)
      System.Reflection (>= 4.3)
      System.Runtime (>= 4.3)
    System.Reflection.Metadata (1.6)
      System.Collections.Immutable (>= 1.5)
    System.Reflection.Primitives (4.3)
      Microsoft.NETCore.Platforms (>= 1.1)
      Microsoft.NETCore.Targets (>= 1.1)
      System.Runtime (>= 4.3)
    System.Reflection.TypeExtensions (4.5)
    System.Resources.ResourceManager (4.3)
      Microsoft.NETCore.Platforms (>= 1.1)
      Microsoft.NETCore.Targets (>= 1.1)
      System.Globalization (>= 4.3)
      System.Reflection (>= 4.3)
      System.Runtime (>= 4.3)
    System.Runtime (4.3)
      Microsoft.NETCore.Platforms (>= 1.1)
      Microsoft.NETCore.Targets (>= 1.1)
    System.Runtime.CompilerServices.Unsafe (4.5.1)
    System.Runtime.Extensions (4.3)
      Microsoft.NETCore.Platforms (>= 1.1)
      Microsoft.NETCore.Targets (>= 1.1)
      System.Runtime (>= 4.3)
    System.Runtime.Handles (4.3)
      Microsoft.NETCore.Platforms (>= 1.1)
      Microsoft.NETCore.Targets (>= 1.1)
      System.Runtime (>= 4.3)
    System.Runtime.InteropServices (4.3)
      Microsoft.NETCore.Platforms (>= 1.1)
      Microsoft.NETCore.Targets (>= 1.1)
      System.Reflection (>= 4.3)
      System.Reflection.Primitives (>= 4.3)
      System.Runtime (>= 4.3)
      System.Runtime.Handles (>= 4.3)
    System.Runtime.Serialization.Formatters (4.3)
      System.Collections (>= 4.3)
      System.Reflection (>= 4.3)
      System.Resources.ResourceManager (>= 4.3)
      System.Runtime (>= 4.3)
      System.Runtime.Serialization.Primitives (>= 4.3)
    System.Runtime.Serialization.Primitives (4.3)
      System.Resources.ResourceManager (>= 4.3)
      System.Runtime (>= 4.3)
    System.Security.Cryptography.Cng (4.5)
      Microsoft.NETCore.Platforms (>= 2.0)
    System.Text.Encoding (4.3)
      Microsoft.NETCore.Platforms (>= 1.1)
      Microsoft.NETCore.Targets (>= 1.1)
      System.Runtime (>= 4.3)
    System.Text.Encodings.Web (4.5)
    System.Threading (4.3)
      System.Runtime (>= 4.3)
      System.Threading.Tasks (>= 4.3)
    System.Threading.Tasks (4.3)
      Microsoft.NETCore.Platforms (>= 1.1)
      Microsoft.NETCore.Targets (>= 1.1)
      System.Runtime (>= 4.3)
    System.Threading.Tasks.Dataflow (4.9)
    System.Threading.Tasks.Extensions (4.5.1)
      System.Runtime.CompilerServices.Unsafe (>= 4.5)
